GEM
  remote: https://rubygems.org/
  specs:
    concurrent-ruby (1.1.6)
    faker (1.9.1)
      i18n (>= 0.7)
    i18n (1.5.1)
      concurrent-ruby (~> 1.0)
    rake (12.3.3)

PLATFORMS
  ruby

DEPENDENCIES
  faker
  rake

BUNDLED WITH
   1.17.3
